PATH
  remote: .
  specs:
    vedder (0.0.0)
      nokogiri

GEM
  remote: http://rubygems.org/
  specs:
    fakeweb (1.3.0)
    minitest (2.12.1)
    nokogiri (1.5.5)
    rake (0.8.7)
    vcr (1.11.3)

PLATFORMS
  ruby

DEPENDENCIES
  fakeweb
  minitest (~> 2.11)
  nokogiri
  rake (~> 0.8.7)
  vcr (~> 1.6)
  vedder!
